GEM
  remote: https://rubygems.org/
  specs:
    addressable (2.3.2)
    cookiejar (0.3.0)
    daemons (1.1.9)
    diff-lcs (1.1.3)
    em-http-request (1.0.3)
      addressable (>= 2.2.3)
      cookiejar
      em-socksify
      eventmachine (>= 1.0.0.beta.4)
      http_parser.rb (>= 0.5.3)
    em-socksify (0.2.1)
      eventmachine (>= 1.0.0.beta.4)
    em-twitter (0.2.1)
      eventmachine (~> 1.0)
      http_parser.rb (~> 0.5)
      simple_oauth (~> 0.1)
    eventmachine (1.0.0)
    faraday (0.8.4)
      multipart-post (~> 1.1)
    http_parser.rb (0.5.3)
    multi_json (1.3.6)
    multipart-post (1.1.5)
    rspec (2.11.0)
      rspec-core (~> 2.11.0)
      rspec-expectations (~> 2.11.0)
      rspec-mocks (~> 2.11.0)
    rspec-core (2.11.1)
    rspec-expectations (2.11.3)
      diff-lcs (~> 1.1.3)
    rspec-mocks (2.11.3)
    simple_oauth (0.1.9)
    sqlite3 (1.3.6)
    tweetstream (2.3.0)
      daemons (~> 1.1)
      em-http-request (~> 1.0.2)
      em-twitter (~> 0.2)
      multi_json (~> 1.3)
      twitter (~> 4.0)
    twitter (4.2.0)
      faraday (~> 0.8)
      multi_json (~> 1.3)
      simple_oauth (~> 0.1.6)

PLATFORMS
  ruby

DEPENDENCIES
  rspec
  sqlite3
  tweetstream
  twitter
